GEM
  remote: https://rubygems.org/
  specs:
    byebug (11.1.3)
    github-markup (3.0.4)
    haml (5.1.2)
      temple (>= 0.8.0)
      tilt
    mustermann (2.0.2)
      ruby2_keywords (~> 0.0.1)
    rack (2.2.4)
    rack-protection (2.2.3)
      rack
    ruby2_keywords (0.0.5)
    shotgun (0.9.2)
      rack (>= 1.0)
    sinatra (2.2.3)
      mustermann (~> 2.0)
      rack (~> 2.2)
      rack-protection (= 2.2.3)
      tilt (~> 2.0)
    temple (0.8.2)
    tilt (2.0.11)

PLATFORMS
  ruby

DEPENDENCIES
  byebug
  github-markup
  haml
  shotgun
  sinatra

RUBY VERSION
   ruby 2.6.6p146

BUNDLED WITH
   1.17.3
