GEM
  remote: https://rubygems.org/
  specs:
    github-markup (3.0.4)
    haml (5.1.1)
      temple (>= 0.8.0)
      tilt
    mustermann (1.0.3)
    rack (2.0.8)
    rack-protection (2.0.5)
      rack
    shotgun (0.9.2)
      rack (>= 1.0)
    sinatra (2.0.5)
      mustermann (~> 1.0)
      rack (~> 2.0)
      rack-protection (= 2.0.5)
      tilt (~> 2.0)
    temple (0.8.1)
    tilt (2.0.9)

PLATFORMS
  ruby

DEPENDENCIES
  github-markup
  haml
  shotgun
  sinatra

RUBY VERSION
   ruby 2.6.3p62

BUNDLED WITH
   1.17.2
